GEM
  specs:
    coderay (1.1.2)
    httparty (0.17.0)
      mime-types (~> 3.0)
      multi_xml (>= 0.5.2)
    method_source (0.9.2)
    mime-types (3.3)
      mime-types-data (~> 3.2015)
    mime-types-data (3.2019.0904)
    multi_xml (0.6.0)
    pry (0.12.2)
      coderay (~> 1.1.0)
      method_source (~> 0.9.0)
    razorpay (2.4.1)
      httparty (~> 0.14)

PLATFORMS
  ruby

DEPENDENCIES
  pry
  razorpay

BUNDLED WITH
   2.0.1
